PATH
  remote: .
  specs:
    memory_io (0.1.1)
      dentaku (>= 2.0.11)

GEM
  remote: https://rubygems.org/
  specs:
    ast (2.4.0)
    dentaku (3.3.0)
    diff-lcs (1.3)
    docile (1.3.0)
    jaro_winkler (1.5.2)
    json (2.1.0)
    parallel (1.12.1)
    parser (2.6.0.0)
      ast (~> 2.4.0)
    powerpack (0.1.2)
    rainbow (3.0.0)
    rake (12.3.2)
    rspec (3.8.0)
      rspec-core (~> 3.8.0)
      rspec-expectations (~> 3.8.0)
      rspec-mocks (~> 3.8.0)
    rspec-core (3.8.0)
      rspec-support (~> 3.8.0)
    rspec-expectations (3.8.0)
      diff-lcs (>= 1.2.0, < 2.0)
      rspec-support (~> 3.8.0)
    rspec-mocks (3.8.0)
      diff-lcs (>= 1.2.0, < 2.0)
      rspec-support (~> 3.8.0)
    rspec-support (3.8.0)
    rubocop (0.63.0)
      jaro_winkler (~> 1.5.1)
      parallel (~> 1.10)
      parser (>= 2.5, != 2.5.1.1)
      powerpack (~> 0.1)
      rainbow (>= 2.2.2, < 4.0)
      ruby-progressbar (~> 1.7)
      unicode-display_width (~> 1.4.0)
    ruby-progressbar (1.10.0)
    simplecov (0.16.1)
      docile (~> 1.1)
      json (>= 1.8, < 3)
      simplecov-html (~> 0.10.0)
    simplecov-html (0.10.2)
    unicode-display_width (1.4.1)
    yard (0.9.16)

PLATFORMS
  ruby

DEPENDENCIES
  memory_io!
  rake (~> 12.0)
  rspec (~> 3.5)
  rubocop (~> 0.59)
  simplecov (~> 0.16.1)
  yard (~> 0.9)

BUNDLED WITH
   1.16.1
